GEM
  remote: https://rubygems.org/
  specs:
    byebug (9.0.5)
    coderay (1.1.1)
    cuba (3.6.0)
      rack (~> 1.6.0)
    curb (0.9.3)
    json (2.0.2)
    metaclass (0.0.4)
    method_source (0.8.2)
    mocha (1.2.1)
      metaclass (~> 0.0.1)
    pry (0.10.4)
      coderay (~> 1.1.0)
      method_source (~> 0.8.1)
      slop (~> 3.4)
    pry-byebug (3.4.2)
      byebug (~> 9.0)
      pry (~> 0.10)
    puma (2.11.0)
      rack (>= 1.1, < 2.0)
    rack (1.6.4)
    rack-test (0.6.3)
      rack (>= 1.0)
    slop (3.6.0)

PLATFORMS
  ruby

DEPENDENCIES
  byebug (~> 9.0.0)
  cuba
  curb
  json
  mocha
  pry-byebug (~> 3.4, >= 3.4.2)
  puma (~> 2.11.0)
  rack
  rack-test

BUNDLED WITH
   1.15.1
