GEM
  remote: https://rubygems.org/
  specs:
    byebug (9.0.5)
    coderay (1.1.1)
    cuba (3.6.0)
      rack (~> 1.6.0)
    curb (0.9.3)
    json (2.0.2)
    method_source (0.8.2)
    pry (0.10.4)
      coderay (~> 1.1.0)
      method_source (~> 0.8.1)
      slop (~> 3.4)
    pry-byebug (3.4.0)
      byebug (~> 9.0)
      pry (~> 0.10)
    puma (2.11.0)
      rack (>= 1.1, < 2.0)
    rack (1.6.4)
    slop (3.6.0)

PLATFORMS
  ruby

DEPENDENCIES
  cuba
  curb
  json
  pry-byebug
  puma (~> 2.11.0)

BUNDLED WITH
   1.13.6
